GEM
  remote: https://rubygems.org/
  specs:
    daemons (1.0.10)
    frank (1.0.12)
      haml (~> 3.0)
      mongrel (~> 1.2.0.pre2)
      net-ssh (~> 2.0)
      rack (~> 1.1)
      tilt (~> 1.3)
    gem_plugin (0.2.3)
    haml (3.1.8)
    mongrel (1.2.0.pre2)
      daemons (~> 1.0.10)
      gem_plugin (~> 0.2.3)
    net-ssh (2.6.8)
    rack (1.5.2)
    sass (3.2.9)
    tilt (1.4.1)

PLATFORMS
  ruby

DEPENDENCIES
  frank
  haml
  sass
